GEM
  remote: http://rubygems.org/
  specs:
    hashie (2.0.5)
    httparty (0.11.0)
      multi_json (~> 1.0)
      multi_xml (>= 0.5.2)
    minitest (5.0.2)
    multi_json (1.7.4)
    multi_xml (0.5.3)

PLATFORMS
  ruby

DEPENDENCIES
  hashie
  httparty
  minitest (~> 5.0)
